PATH
  remote: .
  specs:
    alchemist (0.1.8)

GEM
  remote: https://rubygems.org/
  specs:
    diff-lcs (1.2.4)
    multi_json (1.8.2)
    rake (13.0.1)
    rspec (2.14.1)
      rspec-core (~> 2.14.0)
      rspec-expectations (~> 2.14.0)
      rspec-mocks (~> 2.14.0)
    rspec-core (2.14.3)
    rspec-expectations (2.14.0)
      diff-lcs (>= 1.1.3, < 2.0)
    rspec-mocks (2.14.1)
    simplecov (0.7.1)
      multi_json (~> 1.0)
      simplecov-html (~> 0.7.1)
    simplecov-html (0.7.1)

PLATFORMS
  ruby

DEPENDENCIES
  alchemist!
  rake
  rspec
  simplecov

BUNDLED WITH
   2.0.2
